GEM
  remote: https://rubygems.org/
  specs:
    ast (2.4.1)
    jaro_winkler (1.5.4)
    parallel (1.19.2)
    parser (2.7.1.4)
      ast (~> 2.4.1)
    powerpack (0.1.2)
    rainbow (3.0.0)
    rubocop (0.61.1)
      jaro_winkler (~> 1.5.1)
      parallel (~> 1.10)
      parser (>= 2.5, != 2.5.1.1)
      powerpack (~> 0.1)
      rainbow (>= 2.2.2, < 4.0)
      ruby-progressbar (~> 1.7)
      unicode-display_width (~> 1.4.0)
    ruby-progressbar (1.10.1)
    unicode-display_width (1.4.1)

PLATFORMS
  ruby

DEPENDENCIES
  rubocop (= 0.61.1)

BUNDLED WITH
   2.1.4
